GEM
  remote: https://rubygems.org/
  specs:
    activesupport (5.0.2)
      concurrent-ruby (~> 1.0, >= 1.0.2)
      i18n (~> 0.7)
      minitest (~> 5.1)
      tzinfo (~> 1.1)
    concurrent-ruby (1.0.5)
    gene_pool (1.4.1)
      thread_safe
    http-exceptions (0.1.1)
    httparty (0.14.0)
      multi_xml (>= 0.5.2)
    i18n (0.8.1)
    minitest (5.10.1)
    multi_xml (0.6.0)
    oanda_api (0.9.5)
      http-exceptions (~> 0.0)
      httparty (~> 0.13, >= 0.13.5)
      persistent_httparty (~> 0.1)
    persistent_http (1.0.6)
      gene_pool (>= 1.3)
    persistent_httparty (0.1.2)
      httparty (~> 0.9)
      persistent_http (< 2)
    thread_safe (0.3.6)
    tzinfo (1.2.2)
      thread_safe (~> 0.1)

PLATFORMS
  ruby

DEPENDENCIES
  activesupport
  oanda_api

BUNDLED WITH
   1.10.6
